GEM
  remote: https://rubygems.org/
  specs:
    sorbet (0.5.12003)
      sorbet-static (= 0.5.12003)
    sorbet-static (0.5.12003-universal-darwin)

PLATFORMS
  arm64-darwin-23
  arm64-darwin-24

DEPENDENCIES
  sorbet

BUNDLED WITH
   2.5.18
